GIT


GEM
  remote: https://rubygems.org/

PLATFORMS
  ruby

DEPENDENCIES
  hashie
  octokit (~> 2.0)
  pry
  rspec
  sinatra (= 1.4.4)

BUNDLED WITH
   2.0.1
